GEM
  remote: http://rubygems.org/
  specs:
    ethon (0.11.0)
      ffi (>= 1.3.0)
    faraday (0.15.2)
      multipart-post (>= 1.2, < 3)
    faraday_middleware (0.12.2)
      faraday (>= 0.7.4, < 1.0)
    ffi (1.9.23)
    ghee (0.15.23)
      faraday (~> 0.9)
      faraday_middleware (~> 0.9)
      hashie (~> 3.3.2)
      highline (~> 1.6.15)
      multi_json (~> 1.3)
      typhoeus (~> 0.7.0)
    hashie (3.3.2)
    highline (1.6.21)
    line-bot-api (1.2.2)
    mini_portile2 (2.3.0)
    multi_json (1.13.1)
    multipart-post (2.0.0)
    mustermann (1.0.2)
    nokogiri (1.8.2)
      mini_portile2 (~> 2.3.0)
    rack (2.0.5)
    rack-protection (2.0.1)
      rack
    sinatra (2.0.1)
      mustermann (~> 1.0)
      rack (~> 2.0)
      rack-protection (= 2.0.1)
      tilt (~> 2.0)
    tilt (2.0.8)
    typhoeus (0.7.3)
      ethon (>= 0.7.4)

PLATFORMS
  ruby

DEPENDENCIES
  ghee
  line-bot-api
  nokogiri
  sinatra

RUBY VERSION
   ruby 2.5.1p57

BUNDLED WITH
   1.16.2
